[System]
Scanner=SkyScan2211
Instrument S/N=15A13010
Hardware version=A
Software=1.5.3
Home directory=C:\SkyScan2211
Source Type=Xray-Worx
Camera=FlatPanel Sensor
Camera Pixel Size (um)=74.800
CameraXYRatio=1.0000
[Acquisition]
Data directory=D:\Data\Mukhil\Cisco - sample2
Filename prefix=90kv_400uA_0.5 mm Al_32um_43ms_FP_
Filename Index Length=8
Number of Files= 2401
Source Voltage (kV)=  90
Source Current (uA)= 400
Source focus mode=Micro focus
Source target type=Tungsten (W)
Source enable auto functions=ON
Source auto center active=ON
Number of Rows= 1536
Number of Columns= 3776
Number Of Horizontal Offset Positions=2
Horizontal Overlap (pixel)=64
Intermediate Dat File Width= 1920
Intermediate Dat File Prefix Part 1=_Left
Intermediate Dat File Prefix Part 2=_Right
Partial Width=100%
Image crop origin X=0
Image crop origin Y=0
Camera binning=1x1
Image Rotation=-0.3610
Gantry direction=CC
Exposure (ms)=    43
Number of connected scans=3
Number of lines to be reconstructed=1221
Image Pixel Size (um)=   32.00
Scaled Image Pixel Size (um)=   32.00
Object to Source (mm)=120.806
Inclination in lifting(um/mm)=0.000
Camera to Source (mm)=282.376
Random Movement=ON (10)
Vertical Object Position (mm)=1.828
Optical Axis (line)= 750
Filter assembly=Closed
Filter=0.5 mm Al
External Filter=None
Image Format=TIFF
Depth (bits)=16
Rotation Step (deg)=0.150
Frame Averaging=ON (1)
Use 360 Rotation=YES
Camera Offset=ON
Flat Field Correction=ON
Rotation Direction=CC
Scanning Trajectory=ROUND
Type Of Motion=STEP AND SHOOT
Type Of Scan=Flat-Panel
Wait before scan(minutes)=ON (20)
Estimated scan time=01h:23min
Study Date and Time=Dec 18, 2018  17:06:57
Scan duration=1h:17m:32s
Maximum vertical TS=5.0
[Reconstruction]
Reconstruction Program=NRecon
Program Version=Version: 1.7.0.4
Program Home Directory=C:\SkyScan2211
Reconstruction engine=InstaRecon
Engine version=Version: 2.0.3.5
Reconstruction from batch=Yes
Postalignment=4.00
Connected Reconstruction (parts)=3
Sub-scan post alignment [0]=4.000000
Sub-scan post alignment [1]=2.000000
Sub-scan post alignment [2]=-1.000000
Sub-scan scan length [0]=1232
Sub-scan scan length [1]=1230
Sub-scan scan length [2]=1216
Used extra rotation per scan(deg)= 0.000  -0.101  -0.245 
Used extra shift in X per scan(micron)= 0.000  -5.502  -57.452 
Used extra shift in Y per scan(micron)= 0.000  7.770  -3.496 
Reconstruction servers= SCAN2211_010 
Dataset Origin=SkyScan2211
Dataset Prefix=90kv_400uA_0.5 mm Al_32um_43ms_FP_~00
Dataset Directory=D:\Data\Mukhil\Cisco - sample2
Output Directory=D:\Data\Mukhil\Cisco - sample2\90kv_400uA_0.5 mm Al_32um_43ms_FP_Rec
Time and Date=Dec 19, 2018  16:32:38
First Section=65
Last Section=3618
Reconstruction duration per slice (seconds)=0.446987
Total reconstruction time (1311 slices) in seconds=586.000000
Section to Section Step=1
Sections Count=3554
Result File Type=TIF
Result File Header Length (bytes)=12
Result Image Width (pixels)=3132
Result Image Height (pixels)=940
Pixel Size (um)=32.00000
Reconstruction Angular Range (deg)=360.00
Use 180+=OFF
Angular Step (deg)=0.1500
Smoothing=0
Ring Artifact Correction=0
Draw Scales=OFF
Object Bigger than FOV=OFF
Reconstruction from ROI=ON
ROI Top (pixels)=2490
ROI Bottom (pixels)=1549
ROI Left (pixels)=331
ROI Right (pixels)=3463
ROI reference length=3776
Filter cutoff relative to Nyquist frequency=100
Filter type=0
Filter type description=Hamming (Alpha=0.54)
Undersampling factor=1
Threshold for defect pixel mask (%)=0
Beam Hardening Correction (%)=43
CS Static Rotation (deg)=0.00
Minimum for CS to Image Conversion=0.008763
Maximum for CS to Image Conversion=0.408946
HU Calibration=OFF
BMP LUT=0
Cone-beam Angle Horiz.(deg)=53.139973
Cone-beam Angle Vert.(deg)=22.997944
Automatic matching in Z=50
Automatic matching in X/Y=50
Automatic matching in rotation=5.000000
Automatic fusion=0
[File name convention]
Filename Index Length=8
Filename Prefix=90kv_400uA_0.5 mm Al_32um_43ms_FP__IR_rec
